GEM
  remote: http://rubygems.org/
  specs:
    amazon_product (3.0.1)
      nokogiri (~> 1.4)
    couchrest (1.1.2)
      mime-types (~> 1.15)
      multi_json (~> 1.0.0)
      rest-client (~> 1.6.1)
    json (1.6.1)
    mime-types (1.17.2)
    multi_json (1.0.3)
    nokogiri (1.5.0)
    rest-client (1.6.7)
      mime-types (>= 1.16)

PLATFORMS
  ruby

DEPENDENCIES
  amazon_product (~> 3.0)
  couchrest
  json
